GEM
  remote: https://rubygems.org/
  specs:
    highline (1.7.8)
    nwn-lib (0.6.0)
    os (0.9.6)
    rake (12.0.0)
    systemu (2.6.5)

PLATFORMS
  ruby

DEPENDENCIES
  highline
  nwn-lib
  os
  rake
  systemu

BUNDLED WITH
   1.12.5
