GEM
  remote: https://rubygems.org/
  specs:
    highline (1.7.8)
    nwn-lib (0.6.1)
    os (0.9.6)
    parallel (1.12.1)
    rake (12.0.0)
    systemu (2.6.5)

PLATFORMS
  ruby
  x64-mingw32
  x86-mingw32

DEPENDENCIES
  highline
  nwn-lib
  os
  parallel
  rake
  systemu

BUNDLED WITH
   1.16.1
