GEM
  remote: https://rubygems.org/
  specs:
    highline (1.7.8)
    nwn-lib (0.6.0)
    rake (11.2.2)
    systemu (2.6.5)

PLATFORMS
  ruby

DEPENDENCIES
  highline
  nwn-lib (= 0.6.0)
  rake (= 11.2.2)
  systemu

BUNDLED WITH
   1.12.5
